GEM
  remote: https://rubygems.org/
  specs:
    chunky_png (1.3.4)
    compass (0.12.6)
      chunky_png (~> 1.2)
      fssm (>= 0.2.7)
      sass (~> 3.2.19)
    fssm (0.2.10)
    sass (3.2.19)

PLATFORMS
  ruby

DEPENDENCIES
  compass (= 0.12.6)
  sass (= 3.2.19)

BUNDLED WITH
   1.10.2
