GIT
  remote: http://github.com/arshad/compass_radix
  revision: 1ccbc62ae151578344ee1480eae8856ced98c501
  branch: 3.x
  specs:
    compass_radix (3.1.4)
      bootstrap-sass (~> 3.2)
      compass (~> 1.0)

GEM
  remote: https://rubygems.org/
  specs:
    bootstrap-sass (3.3.1.0)
      sass (~> 3.2)
    chunky_png (1.3.3)
    compass (1.0.1)
      chunky_png (~> 1.2)
      compass-core (~> 1.0.1)
      compass-import-once (~> 1.0.5)
      rb-fsevent (>= 0.9.3)
      rb-inotify (>= 0.9)
      sass (>= 3.3.13, < 3.5)
    compass-core (1.0.1)
      multi_json (~> 1.0)
      sass (>= 3.3.0, < 3.5)
    compass-import-once (1.0.5)
      sass (>= 3.2, < 3.5)
    ffi (1.9.6)
    multi_json (1.10.1)
    rb-fsevent (0.9.4)
    rb-inotify (0.9.5)
      ffi (>= 0.5.0)
    sass (3.4.9)

PLATFORMS
  ruby

DEPENDENCIES
  bootstrap-sass (>= 3.3)
  compass (>= 1.0.1)
  compass_radix!
